PATH
  remote: .
  specs:
    activemerchant-realex3ds (1.0.1)
      activemerchant (~> 1.34)

GEM
  remote: https://rubygems.org/
  specs:
    actionmailer (2.3.18)
      actionpack (= 2.3.18)
    actionpack (2.3.18)
      activesupport (= 2.3.18)
      rack (~> 1.1.0)
    active_utils (1.0.5)
      activesupport (>= 2.3.11)
      i18n
    activemerchant (1.34.1)
      active_utils (>= 1.0.2)
      activesupport (>= 2.3.14)
      builder (>= 2.0.0)
      i18n
      json (>= 1.5.1)
      money
      nokogiri (< 1.6.0)
    activerecord (2.3.18)
      activesupport (= 2.3.18)
    activeresource (2.3.18)
      activesupport (= 2.3.18)
    activesupport (2.3.18)
    builder (3.2.2)
    equivalent-xml (0.3.0)
      nokogiri (>= 1.4.3)
    i18n (0.6.4)
    json (1.8.0)
    metaclass (0.0.1)
    mocha (0.13.3)
      metaclass (~> 0.0.1)
    money (5.1.1)
      i18n (~> 0.6.0)
    nokogiri (1.5.10)
    rack (1.1.6)
    rails (2.3.18)
      actionmailer (= 2.3.18)
      actionpack (= 2.3.18)
      activerecord (= 2.3.18)
      activeresource (= 2.3.18)
      activesupport (= 2.3.18)
      rake (>= 0.8.3)
    rake (10.1.0)

PLATFORMS
  ruby

DEPENDENCIES
  activemerchant-realex3ds!
  equivalent-xml
  mocha (~> 0.13.0)
  rails (>= 2.3.14)
  rake
